GEM
  remote: https://rubygems.org/
  specs:
    bcrypt (3.1.20)
    byebug (11.1.3)
    date (3.3.4)
    httparty (0.21.0)
      mini_mime (>= 1.0.0)
      multi_xml (>= 0.5.2)
    mini_mime (1.1.5)
    mini_portile2 (2.8.5)
    multi_xml (0.6.0)
    nokogiri (1.16.0)
      mini_portile2 (~> 2.8.2)
      racc (~> 1.4)
    open-uri (0.4.1)
      stringio
      time
      uri
    racc (1.7.3)
    stringio (3.1.0)
    time (0.3.0)
      date
    uri (0.13.0)

PLATFORMS
  ruby

DEPENDENCIES
  bcrypt
  byebug
  httparty
  nokogiri
  open-uri

RUBY VERSION
   ruby 3.1.2p20

BUNDLED WITH
   2.3.7
